PATH
  remote: .
  specs:
    claw-builder (0.1.0)
      json
      rest-client (~> 1.6.7)
      thor (~> 0.14.6)

GEM
  remote: http://rubygems.org/
  specs:
    json (1.7.7)
    mime-types (1.21)
    rake (10.0.3)
    rest-client (1.6.7)
      mime-types (>= 1.16)
    thor (0.14.6)

PLATFORMS
  ruby

DEPENDENCIES
  claw-builder!
  rake
